GEM
  remote: http://rubygems.org/
  specs:
    activemodel (3.2.9)
      activesupport (= 3.2.9)
      builder (~> 3.0.0)
    activerecord (3.2.9)
      activemodel (= 3.2.9)
      activesupport (= 3.2.9)
      arel (~> 3.0.2)
      tzinfo (~> 0.3.29)
    activesupport (3.2.9)
      i18n (~> 0.6)
      multi_json (~> 1.0)
    arel (3.0.2)
    builder (3.0.4)
    colorize (0.5.8)
    coveralls (0.5.5)
      colorize
      json
      rest-client
      simplecov (>= 0.7)
      thor
    database_cleaner (0.9.1)
    diff-lcs (1.1.3)
    haml (3.1.7)
    i18n (0.6.1)
    json (1.7.6)
    mime-types (1.19)
    multi_json (1.5.0)
    pg (0.14.1)
    rack (1.4.1)
    rack-protection (1.3.2)
      rack
    rack-test (0.6.2)
      rack (>= 1.0)
    rake (0.9.6)
    rest-client (1.6.7)
      mime-types (>= 1.16)
    rspec (2.12.0)
      rspec-core (~> 2.12.0)
      rspec-expectations (~> 2.12.0)
      rspec-mocks (~> 2.12.0)
    rspec-core (2.12.2)
    rspec-expectations (2.12.1)
      diff-lcs (~> 1.1.3)
    rspec-mocks (2.12.1)
    simplecov (0.7.1)
      multi_json (~> 1.0)
      simplecov-html (~> 0.7.1)
    simplecov-html (0.7.1)
    sinatra (1.3.3)
      rack (~> 1.3, >= 1.3.6)
      rack-protection (~> 1.2)
      tilt (~> 1.3, >= 1.3.3)
    sinatra-activerecord (1.1.2)
      activerecord (~> 3.0)
      sinatra (~> 1.0)
    thor (0.16.0)
    tilt (1.3.3)
    tzinfo (0.3.35)

PLATFORMS
  ruby

DEPENDENCIES
  coveralls
  database_cleaner (~> 0.9)
  haml (~> 3.1.7)
  pg
  rack-test (~> 0.6)
  rake (~> 0.9.2)
  rspec (~> 2.11)
  sinatra (~> 1.3)
  sinatra-activerecord (~> 1.1.2)
